GEM
  remote: http://rubygems.org/
  specs:
    diff-lcs (1.1.3)
    mediashelf-loggable (0.4.9)
    nokogiri (1.5.0)
    om (1.5.1)
      mediashelf-loggable
      nokogiri (>= 1.4.2)
    rspec (2.8.0)
      rspec-core (~> 2.8.0)
      rspec-expectations (~> 2.8.0)
      rspec-mocks (~> 2.8.0)
    rspec-core (2.8.0)
    rspec-expectations (2.8.0)
      diff-lcs (~> 1.1.2)
    rspec-mocks (2.8.0)

PLATFORMS
  ruby

DEPENDENCIES
  om
  rspec
